{
    "Modality": "MR",
    "MagneticFieldStrength": 3,
    "ImagingFrequency": 123.258676,
    "Manufacturer": "Siemens",
    "ManufacturersModelName": "TrioTim",
    "PatientPosition": "HFS",
    "SoftwareVersions": "syngo MR B17",
    "MRAcquisitionType": "2D",
    "ScanningSequence": "GR",
    "SequenceVariant": "SP",
    "ScanOptions": "PFP",
    "SequenceName": "*fm2d2r",
    "ImageType": [
        "ORIGINAL",
        "PRIMARY",
        "M",
        "ND",
        "MAGNITUDE"
    ],
    "NonlinearGradientCorrection": false,
    "DeidentificationMethod": [
        "Per DICOM PS 3.15 AnnexE. Details in 0012,0064"
    ],
    "DeidentificationMethodCodeSequence": [
        {
            "CodeValue": "113100",
            "CodingSchemeDesignator": "DCM",
            "CodeMeaning": "Basic Application Confidentiality Profile"
        },
        {
            "CodeValue": "113107",
            "CodingSchemeDesignator": "DCM",
            "CodeMeaning": "Retain Longitudinal With Modified Dates Option"
        },
        {
            "CodeValue": "113111",
            "CodingSchemeDesignator": "DCM",
            "CodeMeaning": "Retain Safe Private Option"
        }
    ],
    "SeriesNumber": 21,
    "AcquisitionTime": "09:39:25.197500",
    "AcquisitionNumber": 1,
    "SliceThickness": 3.5,
    "SpacingBetweenSlices": 3.5,
    "SAR": 0.167974,
    "TablePosition": [
        0,
        0,
        0
    ],
    "EchoNumber": 2,
    "EchoTime": 0.01046,
    "RepetitionTime": 0.705,
    "FlipAngle": 70,
    "PercentPhaseFOV": 100,
    "PercentSampling": 100,
    "PhaseEncodingSteps": 48,
    "AcquisitionMatrixPE": 64,
    "ReconMatrixPE": 64,
    "PixelBandwidth": 260,
    "PhaseEncodingDirection": "j-",
    "SliceTiming": [
        0.35938,
        0,
        0.375,
        0.02344,
        0.39844,
        0.04688,
        0.41406,
        0.0625,
        0.4375,
        0.07812,
        0.45312,
        0.10156,
        0.47656,
        0.11719,
        0.49219,
        0.14062,
        0.51562,
        0.16406,
        0.53125,
        0.17969,
        0.55469,
        0.20312,
        0.57031,
        0.21875,
        0.59375,
        0.23438,
        0.60938,
        0.25781,
        0.63281,
        0.28125,
        0.64844,
        0.29688,
        0.67188,
        0.32031,
        0.6875,
        0.33594
    ],
    "ImageOrientationPatientDICOM": [
        1,
        2e-16,
        0,
        -2e-16,
        0.985703,
        -0.168489
    ],
    "InPlanePhaseEncodingDirectionDICOM": "COL",
    "ConversionSoftware": "dcm2niix",
    "ConversionSoftwareVersion": "v1.0.20241211",
    "EchoTime1": 0.008,
    "EchoTime2": 0.01046,
    "DeltaTE": 0.00246
}