{
    "Modality": "MR",
    "MagneticFieldStrength": 3,
    "ImagingFrequency": 123.259095,
    "Manufacturer": "Siemens",
    "ManufacturersModelName": "TrioTim",
    "PatientPosition": "HFS",
    "SoftwareVersions": "syngo MR B17",
    "MRAcquisitionType": "2D",
    "ScanningSequence": "GR",
    "SequenceVariant": "SP",
    "ScanOptions": "PFP",
    "SequenceName": "*fm2d2r",
    "ImageType": [
        "ORIGINAL",
        "PRIMARY",
        "P",
        "ND",
        "PHASE"
    ],
    "NonlinearGradientCorrection": false,
    "DeidentificationMethod": [
        "Per DICOM PS 3.15 AnnexE. Details in 0012,0064"
    ],
    "DeidentificationMethodCodeSequence": [
        {
            "CodeValue": "113100",
            "CodingSchemeDesignator": "DCM",
            "CodeMeaning": "Basic Application Confidentiality Profile"
        },
        {
            "CodeValue": "113107",
            "CodingSchemeDesignator": "DCM",
            "CodeMeaning": "Retain Longitudinal With Modified Dates Option"
        },
        {
            "CodeValue": "113111",
            "CodingSchemeDesignator": "DCM",
            "CodeMeaning": "Retain Safe Private Option"
        }
    ],
    "SeriesNumber": 22,
    "AcquisitionTime": "15:47:58.772500",
    "AcquisitionNumber": 1,
    "SliceThickness": 3.5,
    "SpacingBetweenSlices": 3.5,
    "SAR": 0.196531,
    "TablePosition": [
        0,
        0,
        0
    ],
    "EchoNumber": 2,
    "EchoTime": 0.01046,
    "RepetitionTime": 0.705,
    "FlipAngle": 70,
    "PercentPhaseFOV": 100,
    "PercentSampling": 100,
    "PhaseEncodingSteps": 48,
    "AcquisitionMatrixPE": 64,
    "ReconMatrixPE": 64,
    "PixelBandwidth": 260,
    "PhaseEncodingDirection": "j-",
    "SliceTiming": [
        0.35938,
        0,
        0.375,
        0.01562,
        0.39062,
        0.04688,
        0.40625,
        0.0625,
        0.4375,
        0.07812,
        0.45312,
        0.09375,
        0.46875,
        0.125,
        0.5,
        0.14062,
        0.51562,
        0.15625,
        0.53125,
        0.17188,
        0.54688,
        0.20312,
        0.5625,
        0.21875,
        0.59375,
        0.23438,
        0.60938,
        0.25,
        0.625,
        0.28125,
        0.65625,
        0.29688,
        0.67188,
        0.3125,
        0.6875,
        0.32812
    ],
    "ImageOrientationPatientDICOM": [
        0.998873,
        0.0447396,
        0.0158231,
        -0.0453586,
        0.998121,
        0.0412044
    ],
    "InPlanePhaseEncodingDirectionDICOM": "COL",
    "ConversionSoftware": "dcm2niix",
    "ConversionSoftwareVersion": "v1.0.20241211",
    "EchoTime1": 0.008,
    "EchoTime2": 0.01046,
    "DeltaTE": 0.00246
}