{
    "Modality": "MR",
    "MagneticFieldStrength": 3,
    "ImagingFrequency": 123.259432,
    "Manufacturer": "Siemens",
    "ManufacturersModelName": "TrioTim",
    "PatientPosition": "HFS",
    "SoftwareVersions": "syngo MR B17",
    "MRAcquisitionType": "2D",
    "ScanningSequence": "EP",
    "SequenceVariant": "SK",
    "ScanOptions": "FS",
    "SequenceName": "*epfid2d1_64",
    "ImageType": [
        "ORIGINAL",
        "PRIMARY",
        "M",
        "ND",
        "MOSAIC",
        "MAGNITUDE"
    ],
    "NonlinearGradientCorrection": false,
    "DeidentificationMethod": [
        "Per DICOM PS 3.15 AnnexE. Details in 0012,0064"
    ],
    "DeidentificationMethodCodeSequence": [
        {
            "CodeValue": "113100",
            "CodingSchemeDesignator": "DCM",
            "CodeMeaning": "Basic Application Confidentiality Profile"
        },
        {
            "CodeValue": "113107",
            "CodingSchemeDesignator": "DCM",
            "CodeMeaning": "Retain Longitudinal With Modified Dates Option"
        },
        {
            "CodeValue": "113111",
            "CodingSchemeDesignator": "DCM",
            "CodeMeaning": "Retain Safe Private Option"
        }
    ],
    "SeriesNumber": 21,
    "AcquisitionTime": "16:38:41.765000",
    "AcquisitionNumber": 1,
    "SliceThickness": 3.5,
    "SpacingBetweenSlices": 3.5,
    "SAR": 0.16913,
    "TablePosition": [
        0,
        0,
        0
    ],
    "EchoTime": 0.029,
    "RepetitionTime": 2,
    "FlipAngle": 90,
    "PercentPhaseFOV": 100,
    "PercentSampling": 100,
    "PhaseEncodingSteps": 64,
    "AcquisitionMatrixPE": 64,
    "ReconMatrixPE": 64,
    "BandwidthPerPixelPhaseEncode": 26.483,
    "EffectiveEchoSpacing": 0.000590001,
    "DerivedVendorReportedEchoSpacing": 0.000590001,
    "TotalReadoutTime": 0.0371701,
    "PixelBandwidth": 1905,
    "PhaseEncodingDirection": "j-",
    "SliceTiming": [
        1.005,
        0,
        1.0675,
        0.065,
        1.13,
        0.1275,
        1.1925,
        0.19,
        1.255,
        0.2525,
        1.3175,
        0.315,
        1.3825,
        0.3775,
        1.445,
        0.44,
        1.5075,
        0.5025,
        1.57,
        0.565,
        1.6325,
        0.6275,
        1.695,
        0.69,
        1.7575,
        0.755,
        1.82,
        0.8175,
        1.8825,
        0.88,
        1.945,
        0.9425
    ],
    "ImageOrientationPatientDICOM": [
        0.998872,
        -0.0170062,
        -0.0443253,
        1.43242e-08,
        0.933642,
        -0.358208
    ],
    "InPlanePhaseEncodingDirectionDICOM": "COL",
    "ConversionSoftware": "dcm2niix",
    "ConversionSoftwareVersion": "v1.0.20241211",
    "TaskName": "rest"
}