{
    "Modality": "MR",
    "MagneticFieldStrength": 3,
    "ImagingFrequency": 123.259455,
    "Manufacturer": "Siemens",
    "ManufacturersModelName": "TrioTim",
    "PatientPosition": "HFS",
    "SoftwareVersions": "syngo MR B17",
    "MRAcquisitionType": "2D",
    "ScanningSequence": "GR",
    "SequenceVariant": "SP",
    "ScanOptions": "PFP",
    "SequenceName": "*fm2d2r",
    "ImageType": [
        "ORIGINAL",
        "PRIMARY",
        "M",
        "ND",
        "MAGNITUDE"
    ],
    "NonlinearGradientCorrection": false,
    "DeidentificationMethod": [
        "Per DICOM PS 3.15 AnnexE. Details in 0012,0064"
    ],
    "DeidentificationMethodCodeSequence": [
        {
            "CodeValue": "113100",
            "CodingSchemeDesignator": "DCM",
            "CodeMeaning": "Basic Application Confidentiality Profile"
        },
        {
            "CodeValue": "113107",
            "CodingSchemeDesignator": "DCM",
            "CodeMeaning": "Retain Longitudinal With Modified Dates Option"
        },
        {
            "CodeValue": "113111",
            "CodingSchemeDesignator": "DCM",
            "CodeMeaning": "Retain Safe Private Option"
        }
    ],
    "SeriesNumber": 24,
    "AcquisitionTime": "12:47:43.470000",
    "AcquisitionNumber": 1,
    "SliceThickness": 3.5,
    "SpacingBetweenSlices": 3.5,
    "SAR": 0.192898,
    "TablePosition": [
        0,
        0,
        0
    ],
    "EchoNumber": 1,
    "EchoTime": 0.008,
    "RepetitionTime": 0.705,
    "FlipAngle": 70,
    "PercentPhaseFOV": 100,
    "PercentSampling": 100,
    "PhaseEncodingSteps": 48,
    "AcquisitionMatrixPE": 64,
    "ReconMatrixPE": 64,
    "PixelBandwidth": 260,
    "PhaseEncodingDirection": "j-",
    "SliceTiming": [
        0.35156,
        0,
        0.36719,
        0.01562,
        0.39062,
        0.03125,
        0.40625,
        0.05469,
        0.42969,
        0.07812,
        0.44531,
        0.09375,
        0.46875,
        0.11719,
        0.48438,
        0.13281,
        0.50781,
        0.14844,
        0.52344,
        0.17188,
        0.54688,
        0.19531,
        0.57031,
        0.21094,
        0.58594,
        0.23438,
        0.60156,
        0.25,
        0.625,
        0.27344,
        0.64062,
        0.28906,
        0.66406,
        0.3125,
        0.6875,
        0.32812
    ],
    "ImageOrientationPatientDICOM": [
        0.999684,
        -0.00257612,
        0.0250098,
        7.38552e-09,
        0.994737,
        0.102462
    ],
    "InPlanePhaseEncodingDirectionDICOM": "COL",
    "ConversionSoftware": "dcm2niix",
    "ConversionSoftwareVersion": "v1.0.20241211",
    "EchoTime1": 0.008,
    "EchoTime2": 0.01046,
    "DeltaTE": 0.00246
}