{
    "Modality": "MR",
    "MagneticFieldStrength": 3,
    "ImagingFrequency": 123.259401,
    "Manufacturer": "Siemens",
    "ManufacturersModelName": "TrioTim",
    "PatientPosition": "HFS",
    "SoftwareVersions": "syngo MR B17",
    "MRAcquisitionType": "2D",
    "ScanningSequence": "GR",
    "SequenceVariant": "SP",
    "ScanOptions": "PFP",
    "SequenceName": "*fm2d2r",
    "ImageType": [
        "ORIGINAL",
        "PRIMARY",
        "M",
        "ND",
        "MAGNITUDE"
    ],
    "NonlinearGradientCorrection": false,
    "DeidentificationMethod": [
        "Per DICOM PS 3.15 AnnexE. Details in 0012,0064"
    ],
    "DeidentificationMethodCodeSequence": [
        {
            "CodeValue": "113100",
            "CodingSchemeDesignator": "DCM",
            "CodeMeaning": "Basic Application Confidentiality Profile"
        },
        {
            "CodeValue": "113107",
            "CodingSchemeDesignator": "DCM",
            "CodeMeaning": "Retain Longitudinal With Modified Dates Option"
        },
        {
            "CodeValue": "113111",
            "CodingSchemeDesignator": "DCM",
            "CodeMeaning": "Retain Safe Private Option"
        }
    ],
    "SeriesNumber": 22,
    "AcquisitionTime": "10:57:19.195000",
    "AcquisitionNumber": 1,
    "SliceThickness": 3.5,
    "SpacingBetweenSlices": 3.5,
    "SAR": 0.192901,
    "TablePosition": [
        0,
        0,
        0
    ],
    "EchoNumber": 2,
    "EchoTime": 0.01046,
    "RepetitionTime": 0.705,
    "FlipAngle": 70,
    "PercentPhaseFOV": 100,
    "PercentSampling": 100,
    "PhaseEncodingSteps": 48,
    "AcquisitionMatrixPE": 64,
    "ReconMatrixPE": 64,
    "PixelBandwidth": 260,
    "PhaseEncodingDirection": "j-",
    "SliceTiming": [
        0.35156,
        0,
        0.375,
        0.02344,
        0.39062,
        0.03906,
        0.41406,
        0.0625,
        0.42969,
        0.07812,
        0.45312,
        0.10156,
        0.47656,
        0.11719,
        0.49219,
        0.14062,
        0.50781,
        0.15625,
        0.53125,
        0.17969,
        0.54688,
        0.19531,
        0.57031,
        0.21875,
        0.59375,
        0.23438,
        0.60938,
        0.25781,
        0.63281,
        0.27344,
        0.64844,
        0.29688,
        0.67188,
        0.3125,
        0.6875,
        0.33594
    ],
    "ImageOrientationPatientDICOM": [
        0.998444,
        0.0063426,
        0.0554096,
        -2.19631e-08,
        0.993512,
        -0.113724
    ],
    "InPlanePhaseEncodingDirectionDICOM": "COL",
    "ConversionSoftware": "dcm2niix",
    "ConversionSoftwareVersion": "v1.0.20241211",
    "EchoTime1": 0.008,
    "EchoTime2": 0.01046,
    "DeltaTE": 0.00246
}