{
    "Modality": "MR",
    "MagneticFieldStrength": 3,
    "ImagingFrequency": 123.259373,
    "Manufacturer": "Siemens",
    "ManufacturersModelName": "TrioTim",
    "PatientPosition": "HFS",
    "SoftwareVersions": "syngo MR B17",
    "MRAcquisitionType": "2D",
    "ScanningSequence": "EP",
    "SequenceVariant": "SK",
    "ScanOptions": "FS",
    "SequenceName": "*epfid2d1_64",
    "ImageType": [
        "ORIGINAL",
        "PRIMARY",
        "M",
        "ND",
        "MOSAIC",
        "MAGNITUDE"
    ],
    "NonlinearGradientCorrection": false,
    "DeidentificationMethod": [
        "Per DICOM PS 3.15 AnnexE. Details in 0012,0064"
    ],
    "DeidentificationMethodCodeSequence": [
        {
            "CodeValue": "113100",
            "CodingSchemeDesignator": "DCM",
            "CodeMeaning": "Basic Application Confidentiality Profile"
        },
        {
            "CodeValue": "113107",
            "CodingSchemeDesignator": "DCM",
            "CodeMeaning": "Retain Longitudinal With Modified Dates Option"
        },
        {
            "CodeValue": "113111",
            "CodingSchemeDesignator": "DCM",
            "CodeMeaning": "Retain Safe Private Option"
        }
    ],
    "SeriesNumber": 19,
    "AcquisitionTime": "15:55:10.467500",
    "AcquisitionNumber": 1,
    "SliceThickness": 3.5,
    "SpacingBetweenSlices": 3.5,
    "SAR": 0.18562,
    "TablePosition": [
        0,
        0,
        0
    ],
    "EchoTime": 0.029,
    "RepetitionTime": 2,
    "FlipAngle": 90,
    "PercentPhaseFOV": 100,
    "PercentSampling": 100,
    "PhaseEncodingSteps": 64,
    "AcquisitionMatrixPE": 64,
    "ReconMatrixPE": 64,
    "BandwidthPerPixelPhaseEncode": 26.483,
    "EffectiveEchoSpacing": 0.000590001,
    "DerivedVendorReportedEchoSpacing": 0.000590001,
    "TotalReadoutTime": 0.0371701,
    "PixelBandwidth": 1905,
    "PhaseEncodingDirection": "j-",
    "SliceTiming": [
        1.0025,
        0,
        1.065,
        0.0625,
        1.1275,
        0.125,
        1.19,
        0.1875,
        1.2525,
        0.25,
        1.3175,
        0.3125,
        1.38,
        0.375,
        1.4425,
        0.4375,
        1.505,
        0.5,
        1.5675,
        0.5625,
        1.63,
        0.6275,
        1.6925,
        0.69,
        1.755,
        0.7525,
        1.8175,
        0.815,
        1.88,
        0.8775,
        1.9425,
        0.94
    ],
    "ImageOrientationPatientDICOM": [
        0.998433,
        0.0475994,
        -0.0294351,
        -0.0505784,
        0.992588,
        -0.110499
    ],
    "InPlanePhaseEncodingDirectionDICOM": "COL",
    "ConversionSoftware": "dcm2niix",
    "ConversionSoftwareVersion": "v1.0.20241211",
    "TaskName": "rest"
}