{
	"Modality": "MR",
	"MagneticFieldStrength": 3,
	"ImagingFrequency": 123.258175,
	"Manufacturer": "Siemens",
	"ManufacturersModelName": "TrioTim",
	"PatientPosition": "HFS",
	"SoftwareVersions": "syngo MR B17",
	"MRAcquisitionType": "3D",
	"ScanningSequence": "GR\\IR",
	"SequenceVariant": "SP\\MP",
	"ScanOptions": "IR\\PFP",
	"SequenceName": "*tfl3d1",
	"ImageType": ["ORIGINAL", "PRIMARY", "M", "ND", "MAGNITUDE"],
	"NonlinearGradientCorrection": false,
	"DeidentificationMethod": ["Per DICOM PS 3.15 AnnexE. Details in 0012,0064"],
	"DeidentificationMethodCodeSequence": [ 
	  { 
		"CodeValue": "113100",
		"CodingSchemeDesignator": "DCM",
		"CodeMeaning": "Basic Application Confidentiality Profile"
	  },
	  { 
		"CodeValue": "113107",
		"CodingSchemeDesignator": "DCM",
		"CodeMeaning": "Retain Longitudinal With Modified Dates Option"
	  },
	  { 
		"CodeValue": "113111",
		"CodingSchemeDesignator": "DCM",
		"CodeMeaning": "Retain Safe Private Option"
	  }
	],
	"SeriesNumber": 2,
	"AcquisitionTime": "15:01:55.832500",
	"AcquisitionNumber": 1,
	"SliceThickness": 1,
	"SAR": 0.0909741,
	"TablePosition": [
		0,
		0,
		-0	],
	"EchoTime": 0.00226,
	"RepetitionTime": 2.2,
	"InversionTime": 1.1,
	"FlipAngle": 12,
	"PercentPhaseFOV": 100,
	"PercentSampling": 100,
	"PhaseEncodingSteps": 223,
	"AcquisitionMatrixPE": 256,
	"ReconMatrixPE": 256,
	"PixelBandwidth": 260,
	"ImageOrientationPatientDICOM": [
		1,
		-2.05103e-10,
		0,
		2.05103e-10,
		1,
		0	],
	"InPlanePhaseEncodingDirectionDICOM": "ROW",
	"BidsGuess": ["anat","_acq-tfl3_run-2_T1w"],
	"ConversionSoftware": "dcm2niix",
	"ConversionSoftwareVersion": "v1.0.20241211"
}
